GEM
  remote: https://rubygems.org/
  specs:
    byebug (11.1.3)
    colorize (0.8.1)
    diff-lcs (1.5.0)
    rspec (3.11.0)
      rspec-core (~> 3.11.0)
      rspec-expectations (~> 3.11.0)
      rspec-mocks (~> 3.11.0)
    rspec-core (3.11.0)
      rspec-support (~> 3.11.0)
    rspec-expectations (3.11.1)
      diff-lcs (>= 1.2.0, < 2.0)
      rspec-support (~> 3.11.0)
    rspec-mocks (3.11.1)
      diff-lcs (>= 1.2.0, < 2.0)
      rspec-support (~> 3.11.0)
    rspec-support (3.11.1)
    tty-font (0.5.0)

PLATFORMS
  arm64-darwin-21

DEPENDENCIES
  byebug
  colorize
  rspec (= 3.11.0)
  tty-font

RUBY VERSION
   ruby 3.1.2p20

BUNDLED WITH
   2.3.10
